PATH
  remote: .
  specs:
    beardown (0.1.3)

GEM
  remote: https://rubygems.org/
  specs:
    minitest (5.11.3)
    rake (10.5.0)
    rouge (3.1.1)

PLATFORMS
  ruby

DEPENDENCIES
  beardown!
  bundler (~> 1.16)
  minitest (~> 5.0)
  rake (~> 10.0)
  rouge (~> 3.1.1)

BUNDLED WITH
   1.16.1
